PATH
  remote: ..
  specs:
    certmeister (0.2.3)
      semver2 (~> 3.3)
    certmeister-redis (0.2.3)
      certmeister (= 0.2.3)
      redis-sentinel (~> 1.4)

GEM
  remote: https://rubygems.org/
  specs:
    rack (1.5.2)
    redis (3.0.7)
    redis-sentinel (1.4.2)
      redis
    semver2 (3.3.3)

PLATFORMS
  ruby

DEPENDENCIES
  certmeister!
  certmeister-redis!
  rack
  redis
