PATH
  remote: .
  specs:
    certmeister (0.2.2)
    certmeister-redis (0.2.2)
      certmeister (= 0.2.2)
      redis-sentinel (~> 1.4)

GEM
  remote: http://rubygems.org/
  specs:
    diff-lcs (1.2.5)
    rake (0.9.6)
    redis (3.0.7)
    redis-sentinel (1.4.2)
      redis
    rspec (2.14.1)
      rspec-core (~> 2.14.0)
      rspec-expectations (~> 2.14.0)
      rspec-mocks (~> 2.14.0)
    rspec-core (2.14.7)
    rspec-expectations (2.14.4)
      diff-lcs (>= 1.1.3, < 2.0)
    rspec-mocks (2.14.4)
    semver2 (3.3.3)

PLATFORMS
  ruby

DEPENDENCIES
  bundler (~> 1.5)
  certmeister!
  certmeister-redis!
  rake (~> 0)
  rspec (~> 2.14)
  semver2 (~> 3.3)
