PATH
  remote: .
  specs:
    certmeister (0.3.2)
    certmeister-rack (0.3.2)
      certmeister (= 0.3.2)
      rack (~> 1.5)
    certmeister-redis (0.3.2)
      certmeister (= 0.3.2)
      redis-sentinel (~> 1.4)

GEM
  remote: http://rubygems.org/
  specs:
    diff-lcs (1.2.5)
    rack (1.5.2)
    rack-test (0.6.2)
      rack (>= 1.0)
    rake (0.9.6)
    redis (3.0.7)
    redis-sentinel (1.4.2)
      redis
    rspec (2.14.1)
      rspec-core (~> 2.14.0)
      rspec-expectations (~> 2.14.0)
      rspec-mocks (~> 2.14.0)
    rspec-core (2.14.7)
    rspec-expectations (2.14.4)
      diff-lcs (>= 1.1.3, < 2.0)
    rspec-mocks (2.14.4)

PLATFORMS
  ruby

DEPENDENCIES
  bundler (~> 1.5)
  certmeister!
  certmeister-rack!
  certmeister-redis!
  rack-test (~> 0.6)
  rake (~> 0)
  rspec (~> 2.14)
